GEM
  remote: https://rubygems.org/
  remote: http://ci.je-labs.com:8808/
  specs:
    activesupport (4.0.0)
      i18n (~> 0.6, >= 0.6.4)
      minitest (~> 4.2)
      multi_json (~> 1.3)
      thread_safe (~> 0.1)
      tzinfo (~> 0.3.37)
    albacore (0.3.5)
      rubyzip
    atomic (1.1.10)
    climate_control (0.0.3)
      activesupport (>= 3.0)
    cocaine (0.5.1)
      climate_control (>= 0.0.3, < 1.0)
    colorize (0.5.8)
    i18n (0.6.4)
    log4r-color (1.2.2)
      colorize
      scribe
    mini_portile (0.5.0)
    minitest (4.7.5)
    multi_json (1.7.7)
    nokogiri (1.6.0-x86-mingw32)
      mini_portile (~> 0.5.0)
    rake (10.1.0)
    rubyzip (0.9.9)
    scribe (0.2.4)
      rake
      thrift_client (~> 0.6)
    thread_safe (0.1.0)
      atomic
    thrift (0.9.0)
    thrift_client (0.9.2)
      thrift (~> 0.9.0)
    tzinfo (0.3.37)

PLATFORMS
  x86-mingw32

DEPENDENCIES
  albacore
  bundler
  cocaine
  log4r-color
  nokogiri
  rake
